GIT
  remote: https://github.com/TomCrypto/rubyserial.git
  revision: 7c62a9340cc38d299f228358e699cb81086f6d84
  ref: 7c62a9340cc38d299f228358e699cb81086f6d84
  specs:
    rubyserial (0.4.0)
      ffi (~> 1.9, >= 1.9.3)

GEM
  remote: https://rubygems.org/
  specs:
    ast (2.3.0)
    diff-lcs (1.3)
    ffi (1.9.18-x64-mingw32)
    parallel (1.12.0)
    parser (2.4.0.0)
      ast (~> 2.2)
    powerpack (0.1.1)
    rainbow (2.2.2)
      rake
    rake (12.2.1)
    require_all (1.4.0)
    rspec (3.7.0)
      rspec-core (~> 3.7.0)
      rspec-expectations (~> 3.7.0)
      rspec-mocks (~> 3.7.0)
    rspec-core (3.7.0)
      rspec-support (~> 3.7.0)
    rspec-expectations (3.7.0)
      diff-lcs (>= 1.2.0, < 2.0)
      rspec-support (~> 3.7.0)
    rspec-mocks (3.7.0)
      diff-lcs (>= 1.2.0, < 2.0)
      rspec-support (~> 3.7.0)
    rspec-support (3.7.0)
    rubocop (0.51.0)
      parallel (~> 1.10)
      parser (>= 2.3.3.1, < 3.0)
      powerpack (~> 0.1)
      rainbow (>= 2.2.2, < 3.0)
      ruby-progressbar (~> 1.7)
      unicode-display_width (~> 1.0, >= 1.0.1)
    rubocop-rspec (1.19.0)
      rubocop (>= 0.51.0)
    ruby-progressbar (1.9.0)
    unicode-display_width (1.3.0)

PLATFORMS
  x64-mingw32

DEPENDENCIES
  ffi
  rake
  require_all
  rspec
  rubocop
  rubocop-rspec
  rubyserial!

BUNDLED WITH
   1.15.4
